PATH
  remote: .
  specs:
    BcBakery (0.1.0)

GEM
  remote: https://rubygems.org/
  specs:
    minitest (5.9.0)
    rake (10.4.2)

PLATFORMS
  ruby

DEPENDENCIES
  BcBakery!
  bundler (~> 1.10)
  minitest (~> 5.9.0)
  rake (~> 10.0)

BUNDLED WITH
   1.10.6
